GEM
  remote: https://rubygems.org/
  specs:
    htmlbeautifier (1.3.1)
    rack (1.6.11)
    sinatra (1.1.0)
      rack (~> 1.1)
      tilt (~> 1.1)
    tilt (1.4.1)

PLATFORMS
  ruby

DEPENDENCIES
  htmlbeautifier
  sinatra (= 1.1.0)

RUBY VERSION
   ruby 2.4.2p198

BUNDLED WITH
   1.17.3
